PATH
  remote: .
  specs:
    teamsnap_rb (0.0.1)
      conglomerate
      faraday

GEM
  remote: https://rubygems.org/
  specs:
    coderay (1.1.0)
    conglomerate (0.8.0)
    faraday (0.9.0)
      multipart-post (>= 1.2, < 3)
    method_source (0.8.2)
    multipart-post (2.0.0)
    pry (0.9.12.4)
      coderay (~> 1.0)
      method_source (~> 0.8)
      slop (~> 3.4)
    rake (10.1.1)
    slop (3.4.7)

PLATFORMS
  ruby

DEPENDENCIES
  bundler (~> 1.5)
  pry
  rake
  teamsnap_rb!
